GEM
  remote: https://rubygems.org/
  specs:
    chunky_png (1.2.9)
    compass (0.12.2)
      chunky_png (~> 1.2)
      fssm (>= 0.2.7)
      sass (~> 3.1)
    fssm (0.2.10)
    haml (4.0.4)
      tilt
    keydown (0.9.2)
      compass
      haml
      rdiscount (>= 1.6.8)
      sass
      thor
      tilt
    rdiscount (2.1.7)
    sass (3.2.6)
    thor (0.18.1)
    tilt (2.0.0)

PLATFORMS
  ruby

DEPENDENCIES
  keydown (~> 0.9.2)
  sass (= 3.2.6)
